GEM
  remote: https://rubygems.org/
  specs:
    haml (5.1.2)
      temple (>= 0.8.0)
      tilt
    mini_magick (4.10.1)
    mustermann (2.0.2)
      ruby2_keywords (~> 0.0.1)
    power_assert (1.1.7)
    rack (2.2.4)
    rack-protection (2.2.3)
      rack
    rack-test (1.1.0)
      rack (>= 1.0, < 3)
    ruby2_keywords (0.0.5)
    sinatra (2.2.3)
      mustermann (~> 2.0)
      rack (~> 2.2)
      rack-protection (= 2.2.3)
      tilt (~> 2.0)
    temple (0.8.2)
    test-unit (3.3.5)
      power_assert
    tilt (2.0.11)

PLATFORMS
  ruby

DEPENDENCIES
  haml
  mini_magick
  rack-test
  sinatra
  test-unit

BUNDLED WITH
   1.17.2
